STORAGE: NONE
RESTRICTION: == net8.0
NUGET
  remote: https://api.nuget.org/v3/index.json
    Fable.Browser.Blob (1.3)
      Fable.Core (>= 3.0)
      FSharp.Core (>= 4.7.2)
    Fable.Browser.Dom (2.15)
      Fable.Browser.Blob (>= 1.3)
      Fable.Browser.Event (>= 1.5)
      Fable.Browser.WebStorage (>= 1.2)
      Fable.Core (>= 3.2.8)
      FSharp.Core (>= 4.7.2)
    Fable.Browser.Event (1.5)
      Fable.Browser.Gamepad (>= 1.1)
      Fable.Core (>= 3.0)
      FSharp.Core (>= 4.7.2)
    Fable.Browser.Gamepad (1.2)
      Fable.Core (>= 3.0)
      FSharp.Core (>= 4.7.2)
    Fable.Browser.WebStorage (1.2)
      Fable.Browser.Event (>= 1.5)
      Fable.Core (>= 3.0)
      FSharp.Core (>= 4.7.2)
    Fable.Core (3.7.1)
    Fable.Elmish (4.1)
      Fable.Core (>= 3.7.1)
      FSharp.Core (>= 4.7.2)
    Fable.Elmish.Browser (4.0.3)
      Fable.Browser.Dom (>= 2.14)
      Fable.Elmish (>= 4.1)
      Fable.Elmish.UrlParser (>= 1.0.2)
      FSharp.Core (>= 4.7.2)
    Fable.Elmish.UrlParser (1.0.2)
      FSharp.Core (>= 4.7.2)
    Fable.Fetch (2.6)
      Fable.Browser.Blob (>= 1.2)
      Fable.Browser.Event (>= 1.5)
      Fable.Core (>= 3.7.1)
      Fable.Promise (>= 2.2.2)
      FSharp.Core (>= 4.7.2)
    Fable.Lit (1.4.2)
      Fable.Browser.Dom (>= 2.5)
      Fable.Core (>= 3.6)
      Fable.Promise (>= 3.1)
      FSharp.Core (>= 5.0)
    Fable.Lit.Elmish (1.4)
      Fable.Elmish (>= 3.1)
      Fable.Lit (>= 1.3.2)
      FSharp.Core (>= 5.0)
    Fable.Promise (3.2)
      Fable.Core (>= 3.7.1)
      FSharp.Core (>= 4.7.2)
    FSharp.Core (8.0.100) - content: none
